GEM
  remote: https://rubygems.org/
  specs:
    chronic (0.10.2)
    mini_portile2 (2.3.0)
    nokogiri (1.8.1)
      mini_portile2 (~> 2.3.0)
    whenever (0.10.0)
      chronic (>= 0.6.3)

PLATFORMS
  ruby

DEPENDENCIES
  nokogiri
  whenever

BUNDLED WITH
   2.1.4
