GEM
  remote: https://rubygems.org/
  specs:
    chronic (0.10.2)
    mini_portile2 (2.6.1)
    nokogiri (1.12.5)
      mini_portile2 (~> 2.6.1)
      racc (~> 1.4)
    racc (1.5.2)
    whenever (0.10.0)
      chronic (>= 0.6.3)

PLATFORMS
  ruby

DEPENDENCIES
  nokogiri
  whenever

BUNDLED WITH
   2.1.4
